GEM
  remote: https://rubygems.org/
  specs:
    hologram (1.4.0)
      redcarpet (>= 2.2, < 4.0)
      rouge (>= 1.5)
    rainbow (2.0.0)
    redcarpet (3.3.2)
    rouge (1.9.0)
    sass (3.4.7)
    scss_lint (0.40.1)
      rainbow (~> 2.0)
      sass (~> 3.4.1)

PLATFORMS
  ruby

DEPENDENCIES
  hologram
  sass (= 3.4.7)
  scss_lint (~> 0.40.1)
